PATH
  remote: .
  specs:
    deploy-gen (0.0.1)
      thor

GEM
  remote: http://rubygems.org/
  specs:
    rake (0.9.2.2)
    thor (0.16.0)

PLATFORMS
  ruby

DEPENDENCIES
  deploy-gen!
  rake
