PATH
  remote: .
  specs:
    gena (0.0.2)
      thor

GEM
  remote: http://rubygems.org/
  specs:
    rake (0.9.2.2)
    thor (0.16.0)

PLATFORMS
  java
  ruby

DEPENDENCIES
  gena!
  rake
